GEM
  remote: http://rubygems.org/
  specs:
    activesupport (3.1.3)
      multi_json (~> 1.0)
    addressable (2.2.6)
    colorize (0.5.8)
    crack (0.3.1)
    multi_json (1.0.4)
    webmock (1.7.8)
      addressable (~> 2.2, > 2.2.5)
      crack (>= 0.1.7)

PLATFORMS
  ruby

DEPENDENCIES
  activesupport (= 3.1.3)
  colorize (= 0.5.8)
  webmock
